GEM
  remote: http://rubygems.org/
  remote: http://gems.github.com/
  specs:
    RedCloth (4.2.9)
    actionmailer (2.3.8)
      actionpack (= 2.3.8)
    actionpack (2.3.8)
      activesupport (= 2.3.8)
      rack (~> 1.1.0)
    activerecord (2.3.8)
      activesupport (= 2.3.8)
    activeresource (2.3.8)
      activesupport (= 2.3.8)
    activesupport (2.3.8)
    addressable (2.2.6)
    builder (3.0.0)
    calendar_date_select (1.16.2)
    cancan (1.6.7)
    crack (0.1.8)
    daemons (1.0.10)
    delayed_job (2.0.7)
      activesupport (~> 2.0)
      daemons (= 1.0.10)
    escape (0.0.4)
    factory_girl (1.3.3)
    fastercsv (1.5.1)
    hpricot (0.8.4)
    kgio (2.7.4)
    libxml-ruby (2.2.2)
    mime-types (1.16)
    mysql (2.8.1)
    nokogiri (1.5.0)
    open4 (1.3.0)
    pr_geohash (1.0.0)
    rack (1.1.1)
    rack-openid (1.1.0)
      rack (>= 0.4)
      ruby-openid (>= 2.0.3)
    rails (2.3.8)
      actionmailer (= 2.3.8)
      actionpack (= 2.3.8)
      activerecord (= 2.3.8)
      activeresource (= 2.3.8)
      activesupport (= 2.3.8)
      rake (>= 0.8.3)
    raindrops (0.8.0)
    rake (0.8.7)
    ratom (0.6.8)
      libxml-ruby (>= 1.1.2)
    rest-client (1.6.1)
      mime-types (>= 1.16)
    rmagick (2.12.2)
    rsolr (0.12.1)
      builder (>= 2.1.2)
    rubaidh-google_analytics (1.1.4)
      actionpack
      activesupport
    ruby-openid (2.1.8)
    ruby-prof (0.9.2)
    simple-spreadsheet-extractor (0.10.0)
      libxml-ruby (= 2.2.2)
      open4 (= 1.3.0)
    sqlite3-ruby (1.2.5)
    sunspot (1.2.1)
      escape (= 0.0.4)
      pr_geohash (~> 1.0)
      rsolr (= 0.12.1)
    sunspot_rails (1.2.1)
      nokogiri
      sunspot (= 1.2.1)
    timocratic-test_benchmark (0.4.3)
    unicorn (4.2.1)
      kgio (~> 2.6)
      rack
      raindrops (~> 0.7)
    uuidtools (2.1.1)
    webmock (1.6.4)
      addressable (~> 2.2, > 2.2.5)
      crack (>= 0.1.7)

PLATFORMS
  ruby

DEPENDENCIES
  RedCloth (= 4.2.9)
  calendar_date_select
  cancan
  daemons
  delayed_job (~> 2.0.4)
  factory_girl
  fastercsv (= 1.5.1)
  hpricot (~> 0.8.2)
  libxml-ruby (= 2.2.2)
  mysql
  rack-openid (= 1.1.0)
  rails (= 2.3.8)
  rake (= 0.8.7)
  ratom (= 0.6.8)
  rest-client (>= 1.6.1)
  rmagick (= 2.12.2)
  rubaidh-google_analytics (~> 1.1.4)
  ruby-openid
  ruby-prof
  simple-spreadsheet-extractor (= 0.10.0)
  sqlite3-ruby (= 1.2.5)
  sunspot_rails (= 1.2.1)
  timocratic-test_benchmark
  unicorn
  uuidtools (= 2.1.1)
  webmock
